PATH
  remote: .
  specs:
    em-spec (0.2.7)
      eventmachine

GEM
  remote: http://rubygems.org/
  specs:
    bacon (1.1.0)
    diff-lcs (1.1.3)
    eventmachine (1.0.9.1)
    growl (1.0.3)
    guard (0.8.8)
      thor (~> 0.14.6)
    guard-bundler (0.1.3)
      bundler (>= 1.0.0)
      guard (>= 0.2.2)
    guard-rspec (0.5.9)
      guard (>= 0.8.4)
    rake (0.8.7)
    rspec (2.7.0)
      rspec-core (~> 2.7.0)
      rspec-expectations (~> 2.7.0)
      rspec-mocks (~> 2.7.0)
    rspec-core (2.7.1)
    rspec-expectations (2.7.0)
      diff-lcs (~> 1.1.2)
    rspec-mocks (2.7.0)
    test-unit (2.4.2)
    thor (0.14.6)

PLATFORMS
  ruby

DEPENDENCIES
  bacon
  em-spec!
  growl
  guard-bundler
  guard-rspec
  rake (= 0.8.7)
  rspec (> 2.6.0)
  test-unit

BUNDLED WITH
   1.10.6
